GEM
  remote: https://rubygems.org/
  specs:

PLATFORMS
  ruby

DEPENDENCIES
  jekyll

BUNDLED WITH
   2.1.4
